GEM
  remote: http://rubygems.org/
  specs:
    andand (1.3.1)

PLATFORMS
  ruby

DEPENDENCIES
  andand
